GEM
  remote: https://rubygems.org/
  specs:
    actionpack (6.1.4.4)
      actionview (= 6.1.4.4)
      activesupport (= 6.1.4.4)
      rack (~> 2.0, >= 2.0.9)
      rack-test (>= 0.6.3)
      rails-dom-testing (~> 2.0)
      rails-html-sanitizer (~> 1.0, >= 1.2.0)
    actionview (6.1.4.4)
      activesupport (= 6.1.4.4)
      builder (~> 3.1)
      erubi (~> 1.4)
      rails-dom-testing (~> 2.0)
      rails-html-sanitizer (~> 1.1, >= 1.2.0)
    activemodel (6.1.4.4)
      activesupport (= 6.1.4.4)
    activerecord (6.1.4.4)
      activemodel (= 6.1.4.4)
      activesupport (= 6.1.4.4)
    activesupport (6.1.4.4)
      concurrent-ruby (~> 1.0, >= 1.0.2)
      i18n (>= 1.6, < 2)
      minitest (>= 5.1)
      tzinfo (~> 2.0)
      zeitwerk (~> 2.3)
    builder (3.2.4)
    byebug (11.1.3)
    cgi (0.3.1)
    coderay (1.1.3)
    concurrent-ruby (1.1.9)
    crass (1.0.6)
    dotenv (2.7.6)
    erb (2.2.3)
      cgi
    erubi (1.10.0)
    i18n (1.8.11)
      concurrent-ruby (~> 1.0)
    json (2.6.1)
    loofah (2.13.0)
      crass (~> 1.0.2)
      nokogiri (>= 1.5.9)
    method_source (1.0.0)
    mini_portile2 (2.6.1)
    minitest (5.15.0)
    nokogiri (1.12.5)
      mini_portile2 (~> 2.6.1)
      racc (~> 1.4)
    pg (1.2.3)
    pry (0.13.1)
      coderay (~> 1.1)
      method_source (~> 1.0)
    pry-byebug (3.9.0)
      byebug (~> 11.0)
      pry (~> 0.13.0)
    racc (1.6.0)
    rack (2.2.3)
    rack-test (1.1.0)
      rack (>= 1.0, < 3)
    rails-dom-testing (2.0.3)
      activesupport (>= 4.2.0)
      nokogiri (>= 1.6)
    rails-html-sanitizer (1.4.2)
      loofah (~> 2.3)
    railties (6.1.4.4)
      actionpack (= 6.1.4.4)
      activesupport (= 6.1.4.4)
      method_source
      rake (>= 0.13)
      thor (~> 1.0)
    rake (13.0.6)
    standalone_migrations (6.1.0)
      activerecord (>= 4.2.7, < 6.2.0, != 5.2.3.rc1, != 5.2.3)
      railties (>= 4.2.7, < 6.2.0, != 5.2.3.rc1, != 5.2.3)
      rake (>= 10.0)
    thor (1.2.0)
    tzinfo (2.0.4)
      concurrent-ruby (~> 1.0)
    yaml (0.2.0)
    zeitwerk (2.5.3)

PLATFORMS
  ruby

DEPENDENCIES
  activerecord
  dotenv
  erb
  json
  pg
  pry-byebug
  rake
  standalone_migrations
  yaml

RUBY VERSION
   ruby 2.6.9p207

BUNDLED WITH
   1.17.2
